PATH
  remote: ../..
  specs:
    bubble-wrap (1.9.6)

GEM
  remote: https://rubygems.org/
  specs:
    bubble-wrap-http (1.7.1)
    rake (10.4.2)

PLATFORMS
  ruby

DEPENDENCIES
  bubble-wrap!
  bubble-wrap-http
  rake

BUNDLED WITH
   1.16.1
